FRAMEWORK: >= NET45
NUGET
  remote: https://www.nuget.org/api/v2
    Aether (8.1.2)
    Chiron (6.2.1)
      Aether (>= 8.0.2 < 9.0)
      FParsec (>= 1.0 < 2.0)
    FAKE (4.40.1)
    FParsec (1.0.2)
    FSharp.Control.Reactive (3.4.1)
      Rx-Core (>= 2.2.5)
      Rx-Interfaces (>= 2.2.5)
      Rx-Linq (>= 2.2.5)
    FSharp.Core (4.0.0.1)
    Rx-Core (2.2.5)
      Rx-Interfaces (>= 2.2.5)
    Rx-Interfaces (2.2.5)
    Rx-Linq (2.2.5)
      Rx-Core (>= 2.2.5)
      Rx-Interfaces (>= 2.2.5)
    Suave (1.1.3)
      FSharp.Core (>= 3.1.2.5)
